GEM
  remote: https://rubygems.org/
  specs:
    io-wait (0.1.0)
    json (2.3.0)
    mustermann (1.1.1)
      ruby2_keywords (~> 0.0.1)
    net-http (0.1.1)
      net-protocol
      uri
    net-protocol (0.1.1)
      io-wait
      timeout
    nio4r (2.5.8)
    open3 (0.1.1)
    puma (4.3.8)
      nio4r (~> 2.0)
    rack (2.2.3)
    rack-protection (2.1.0)
      rack
    ruby2_keywords (0.0.5)
    sinatra (2.1.0)
      mustermann (~> 1.0)
      rack (~> 2.2)
      rack-protection (= 2.1.0)
      tilt (~> 2.0)
    tempfile (0.1.1)
    tilt (2.0.10)
    timeout (0.1.1)
    uri (0.10.0)

PLATFORMS
  ruby
  universal-darwin-20

DEPENDENCIES
  json (~> 2.3)
  net-http (~> 0.1.1)
  open3 (~> 0.1.0)
  puma (~> 4.3)
  rack (~> 2.2)
  sinatra (~> 2.1)
  tempfile (~> 0.1.1)
  uri (= 0.10.0)

RUBY VERSION
   ruby 2.7.3p183
