GEM
  remote: https://rubygems.org/
  specs:
    io-wait (0.1.0)
    json (1.8.6)
    net-http (0.1.1)
      net-protocol
      uri
    net-protocol (0.1.1)
      io-wait
      timeout
    open3 (0.1.1)
    puma (3.12.6)
    rack (1.6.13)
    rack-protection (1.5.5)
      rack
    sinatra (1.4.8)
      rack (~> 1.5)
      rack-protection (~> 1.4)
      tilt (>= 1.3, < 3)
    tempfile (0.1.1)
    tilt (2.0.10)
    timeout (0.1.1)
    uri (0.10.0)

PLATFORMS
  ruby
  universal-darwin-20

DEPENDENCIES
  json (~> 1.8, >= 1.8.3)
  net-http (~> 0.1.1)
  open3 (~> 0.1.0)
  puma (~> 3.4)
  rack (~> 1.6, >= 1.6.4)
  sinatra (~> 1.4, >= 1.4.7)
  tempfile (~> 0.1.1)
  uri (= 0.10.0)

RUBY VERSION
   ruby 2.7.3p183
